!INTERFILE  :=
!name of data file := output_config_Proj_1_6.v
!total number of images := 1
!data offset in bytes := 0
!imagedata byte order := LITTLEENDIAN
!number format := short float
!number of bytes per pixel := 4
matrix axis label [1] := x
!matrix size [1] := 160
scaling factor (mm/pixel) [1] := 2.08626
matrix axis label [2] := y
!matrix size [2] := 200
scaling factor (mm/pixel) [2] := 2.08626
;Correct value is of keyword (commented out)
;!slice thickness (pixels) := 0.973632
;Value for Analyze
!slice thickness (pixels) := 2.03125
!END OF INTERFILE :=
